PATH
  remote: .
  specs:
    scrypt (1.0.5)

GEM
  remote: http://rubygems.org/
  specs:
    awesome_print (1.0.2)
    diff-lcs (1.1.3)
    rake (0.9.2.2)
    rake-compiler (0.8.1)
      rake
    rspec (2.9.0)
      rspec-core (~> 2.9.0)
      rspec-expectations (~> 2.9.0)
      rspec-mocks (~> 2.9.0)
    rspec-core (2.9.0)
    rspec-expectations (2.9.1)
      diff-lcs (~> 1.1.3)
    rspec-mocks (2.9.0)

PLATFORMS
  java
  ruby

DEPENDENCIES
  awesome_print
  rake (~> 0.9.2)
  rake-compiler
  rspec
  scrypt!
